GEM
  remote: https://rubygems.org/
  specs:
    rubyperf (1.5.0)

PLATFORMS
  ruby

DEPENDENCIES
  rubyperf
